GIT
  remote: git://github.com/FriendlyId/friendly_id.git
  revision: 5e742e7ed489bfb30f922efee1dab1db75785631
  specs:
    friendly_id (5.0.0.rc1)
      activerecord (~> 4.0.0)

GIT
  remote: git://github.com/josevalim/inherited_resources.git
  revision: fdc9de6ca213ab8f3b97f37e5d071363198e018a
  branch: master
  specs:
    inherited_resources (1.4.1)
      has_scope (~> 0.6.0.rc)
      responders (~> 1.0.0.rc)

GIT
  remote: git://github.com/justinfrench/formtastic.git
  revision: cd6cb88f28ea7444267802ced8e5ec0f5cfd0f90
  branch: master
  specs:
    formtastic (2.3.0.rc2)
      actionpack (>= 3.0)

GEM
  remote: https://rubygems.org/
  specs:
    actionmailer (4.0.0)
      actionpack (= 4.0.0)
      mail (~> 2.5.3)
    actionpack (4.0.0)
      activesupport (= 4.0.0)
      builder (~> 3.1.0)
      erubis (~> 2.7.0)
      rack (~> 1.5.2)
      rack-test (~> 0.6.2)
    activemodel (4.0.0)
      activesupport (= 4.0.0)
      builder (~> 3.1.0)
    activerecord (4.0.0)
      activemodel (= 4.0.0)
      activerecord-deprecated_finders (~> 1.0.2)
      activesupport (= 4.0.0)
      arel (~> 4.0.0)
    activerecord-deprecated_finders (1.0.3)
    activesupport (4.0.0)
      i18n (~> 0.6, >= 0.6.4)
      minitest (~> 4.2)
      multi_json (~> 1.3)
      thread_safe (~> 0.1)
      tzinfo (~> 0.3.37)
    arel (4.0.0)
    atomic (1.1.13)
    bcrypt-ruby (3.1.2)
    better_errors (0.9.0)
      coderay (>= 1.0.0)
      erubis (>= 2.6.6)
    binding_of_caller (0.7.2)
      debug_inspector (>= 0.0.1)
    builder (3.1.4)
    callsite (0.0.11)
    carrierwave (0.9.0)
      activemodel (>= 3.2.0)
      activesupport (>= 3.2.0)
      json (>= 1.7)
    coderay (1.0.9)
    coffee-rails (4.0.0)
      coffee-script (>= 2.2.0)
      railties (>= 4.0.0.beta, < 5.0)
    coffee-script (2.2.0)
      coffee-script-source
      execjs
    coffee-script-source (1.6.3)
    countries (0.9.2)
      currencies (>= 0.4.0)
    country_select (1.2.0)
    currencies (0.4.2)
    daemons (1.1.9)
    debug_inspector (0.0.2)
    devise (3.0.0.rc)
      bcrypt-ruby (~> 3.0)
      orm_adapter (~> 0.1)
      railties (>= 3.2.6, < 5)
      warden (~> 1.2.1)
    erubis (2.7.0)
    eventmachine (1.0.3)
    excon (0.13.4)
    execjs (2.0.1)
    faraday (0.8.8)
      multipart-post (~> 1.2.0)
    fog (1.3.1)
      builder
      excon (~> 0.13.0)
      formatador (~> 0.2.0)
      mime-types
      multi_json (~> 1.0)
      net-scp (~> 1.0.4)
      net-ssh (>= 2.1.3)
      nokogiri (~> 1.5.0)
      ruby-hmac
    font-awesome-rails (3.2.1.3)
      railties (>= 3.2, < 5.0)
    formatador (0.2.4)
    haml (4.0.3)
      tilt
    haml-rails (0.4)
      actionpack (>= 3.1, < 4.1)
      activesupport (>= 3.1, < 4.1)
      haml (>= 3.1, < 4.1)
      railties (>= 3.1, < 4.1)
    has_scope (0.6.0.rc)
      actionpack (>= 3.2, < 5)
      activesupport (>= 3.2, < 5)
    hashie (2.0.5)
    hike (1.2.3)
    hpricot (0.8.6)
    httpauth (0.2.0)
    i18n (0.6.5)
    jbuilder (1.5.1)
      activesupport (>= 3.0.0)
      multi_json (>= 1.2.0)
    jquery-rails (3.0.4)
      railties (>= 3.0, < 5.0)
      thor (>= 0.14, < 2.0)
    jquery-ui-rails (4.0.4)
      jquery-rails
      railties (>= 3.1.0)
    json (1.8.0)
    jwt (0.1.8)
      multi_json (>= 1.5)
    kaminari (0.14.1)
      actionpack (>= 3.0.0)
      activesupport (>= 3.0.0)
    mail (2.5.4)
      mime-types (~> 1.16)
      treetop (~> 1.4.8)
    meta_request (0.2.8)
      callsite
      rack-contrib
      railties
    mime-types (1.24)
    mini_magick (3.6.0)
      subexec (~> 0.2.1)
    minitest (4.7.5)
    money (5.1.1)
      i18n (~> 0.6.0)
    multi_json (1.7.9)
    multipart-post (1.2.0)
    nested_form (0.3.2)
    net-scp (1.0.4)
      net-ssh (>= 1.99.1)
    net-ssh (2.6.8)
    nifty-generators (0.4.6)
    nokogiri (1.5.10)
    oauth (0.4.7)
    oauth-client (0.1.0)
      json (>= 1.1.2)
      oauth (>= 0.3.1)
    oauth2 (0.8.1)
      faraday (~> 0.8)
      httpauth (~> 0.1)
      jwt (~> 0.1.4)
      multi_json (~> 1.0)
      rack (~> 1.2)
    omniauth (1.1.4)
      hashie (>= 1.2, < 3)
      rack
    omniauth-google-oauth2 (0.2.1)
      omniauth (~> 1.0)
      omniauth-oauth2
    omniauth-oauth2 (1.1.1)
      oauth2 (~> 0.8.0)
      omniauth (~> 1.0)
    open_exchange_rates (0.4.0)
      yajl-ruby
    orm_adapter (0.4.0)
    pg (0.16.0)
    polyglot (0.3.3)
    quiet_assets (1.0.2)
      railties (>= 3.1, < 5.0)
    rack (1.5.2)
    rack-contrib (1.1.0)
      rack (>= 0.9.1)
    rack-test (0.6.2)
      rack (>= 1.0)
    rails (4.0.0)
      actionmailer (= 4.0.0)
      actionpack (= 4.0.0)
      activerecord (= 4.0.0)
      activesupport (= 4.0.0)
      bundler (>= 1.3.0, < 2.0)
      railties (= 4.0.0)
      sprockets-rails (~> 2.0.0)
    rails-footnotes (3.7.9)
      rails (>= 3.0.0)
    rails_12factor (0.0.2)
      rails_serve_static_assets
      rails_stdout_logging
    rails_serve_static_assets (0.0.1)
    rails_stdout_logging (0.0.1)
    railties (4.0.0)
      actionpack (= 4.0.0)
      activesupport (= 4.0.0)
      rake (>= 0.8.7)
      thor (>= 0.18.1, < 2.0)
    rake (10.1.0)
    randumb (0.3.1)
      activerecord (>= 3.0.0)
      activesupport (>= 3.0.0)
      rake
    rdoc (3.12.2)
      json (~> 1.4)
    redcarpet (3.0.0)
    responders (1.0.0.rc)
      railties (>= 3.2, < 5)
    ruby-hmac (0.4.0)
    ruby_parser (3.2.2)
      sexp_processor (~> 4.1)
    sass (3.2.10)
    sass-rails (4.0.0)
      railties (>= 4.0.0.beta, < 5.0)
      sass (>= 3.1.10)
      sprockets-rails (~> 2.0.0)
    sdoc (0.3.20)
      json (>= 1.1.3)
      rdoc (~> 3.10)
    sexp_processor (4.3.0)
    skeleton-rails (0.1.0)
    sprockets (2.10.0)
      hike (~> 1.2)
      multi_json (~> 1.0)
      rack (~> 1.0)
      tilt (~> 1.1, != 1.3.0)
    sprockets-rails (2.0.0)
      actionpack (>= 3.0)
      activesupport (>= 3.0)
      sprockets (~> 2.8)
    subexec (0.2.3)
    thin (1.5.1)
      daemons (>= 1.0.9)
      eventmachine (>= 0.12.6)
      rack (>= 1.0.0)
    thor (0.18.1)
    thread_safe (0.1.2)
      atomic
    tilt (1.4.1)
    treetop (1.4.15)
      polyglot
      polyglot (>= 0.3.1)
    tzinfo (0.3.37)
    uglifier (2.2.1)
      execjs (>= 0.3.0)
      multi_json (~> 1.0, >= 1.0.2)
    warden (1.2.3)
      rack (>= 1.0)
    yajl-ruby (1.1.0)

PLATFORMS
  ruby

DEPENDENCIES
  better_errors
  binding_of_caller
  carrierwave
  coffee-rails (~> 4.0.0)
  countries
  country_select
  devise (= 3.0.0.rc)
  fog (~> 1.3.1)
  font-awesome-rails
  formtastic!
  friendly_id (~> 5.0.0.alpha1)!
  haml
  haml-rails (>= 0.3.4)
  has_scope
  hpricot (>= 0.8.6)
  inherited_resources!
  jbuilder (~> 1.2)
  jquery-rails
  jquery-ui-rails
  kaminari
  meta_request
  mini_magick
  money
  nested_form
  nifty-generators
  oauth-client
  omniauth-google-oauth2
  open_exchange_rates
  pg
  quiet_assets
  rails (= 4.0.0)
  rails-footnotes (>= 3.7.9)
  rails_12factor
  randumb
  redcarpet
  ruby_parser (>= 3.0.1)
  sass-rails (~> 4.0.0)
  sdoc
  skeleton-rails
  thin
  uglifier (>= 1.3.0)
